PATH
  remote: .
  specs:
    piggybak_variants (0.1.3)

GEM
  remote: http://rubygems.org/
  specs:

PLATFORMS
  ruby

DEPENDENCIES
  piggybak_variants!
